GIT
  remote: https://github.com/rails/coffee-rails
  revision: 5df5816588d0c3b903ca6b7f35ebe0d5645baf71
  specs:
    coffee-rails (4.2.2)
      coffee-script (>= 2.2.0)
      railties (>= 5.2.0)

GIT
  remote: https://github.com/rails/jbuilder
  revision: ca14de39b441564e1fd6d4653771d7a2b2f7470a
  specs:
    jbuilder (2.8.0)
      activesupport (>= 4.2.0)
      multi_json (>= 1.2)

GIT
  remote: https://github.com/rails/rails
  revision: da2c92377c7f36469e56dc25a4ac0604157ac778
  specs:
    actioncable (6.0.0.beta3)
      actionpack (= 6.0.0.beta3)
      nio4r (~> 2.0)
      websocket-driver (>= 0.6.1)
    actionmailbox (6.0.0.beta3)
      actionpack (= 6.0.0.beta3)
      activejob (= 6.0.0.beta3)
      activerecord (= 6.0.0.beta3)
      activestorage (= 6.0.0.beta3)
      activesupport (= 6.0.0.beta3)
      mail (>= 2.7.1)
    actionmailer (6.0.0.beta3)
      actionpack (= 6.0.0.beta3)
      actionview (= 6.0.0.beta3)
      activejob (= 6.0.0.beta3)
      mail (~> 2.5, >= 2.5.4)
      rails-dom-testing (~> 2.0)
    actionpack (6.0.0.beta3)
      actionview (= 6.0.0.beta3)
      activesupport (= 6.0.0.beta3)
      rack (~> 2.0)
      rack-test (>= 0.6.3)
      rails-dom-testing (~> 2.0)
      rails-html-sanitizer (~> 1.0, >= 1.0.2)
    actiontext (6.0.0.beta3)
      actionpack (= 6.0.0.beta3)
      activerecord (= 6.0.0.beta3)
      activestorage (= 6.0.0.beta3)
      activesupport (= 6.0.0.beta3)
      nokogiri (>= 1.8.5)
    actionview (6.0.0.beta3)
      activesupport (= 6.0.0.beta3)
      builder (~> 3.1)
      erubi (~> 1.4)
      rails-dom-testing (~> 2.0)
      rails-html-sanitizer (~> 1.0, >= 1.0.3)
    activejob (6.0.0.beta3)
      activesupport (= 6.0.0.beta3)
      globalid (>= 0.3.6)
    activemodel (6.0.0.beta3)
      activesupport (= 6.0.0.beta3)
    activerecord (6.0.0.beta3)
      activemodel (= 6.0.0.beta3)
      activesupport (= 6.0.0.beta3)
    activestorage (6.0.0.beta3)
      actionpack (= 6.0.0.beta3)
      activerecord (= 6.0.0.beta3)
      marcel (~> 0.3.1)
    activesupport (6.0.0.beta3)
      concurrent-ruby (~> 1.0, >= 1.0.2)
      i18n (>= 0.7, < 2)
      minitest (~> 5.1)
      tzinfo (~> 1.1)
      zeitwerk (~> 1.4, >= 1.4.3)
    rails (6.0.0.beta3)
      actioncable (= 6.0.0.beta3)
      actionmailbox (= 6.0.0.beta3)
      actionmailer (= 6.0.0.beta3)
      actionpack (= 6.0.0.beta3)
      actiontext (= 6.0.0.beta3)
      actionview (= 6.0.0.beta3)
      activejob (= 6.0.0.beta3)
      activemodel (= 6.0.0.beta3)
      activerecord (= 6.0.0.beta3)
      activestorage (= 6.0.0.beta3)
      activesupport (= 6.0.0.beta3)
      bundler (>= 1.3.0)
      railties (= 6.0.0.beta3)
      sprockets-rails (>= 2.0.0)
    railties (6.0.0.beta3)
      actionpack (= 6.0.0.beta3)
      activesupport (= 6.0.0.beta3)
      method_source
      rake (>= 0.8.7)
      thor (>= 0.20.3, < 2.0)

GIT
  remote: https://github.com/rspec/rspec-core
  revision: 0b4c98d1c1915b636f635c5a88e6ca59c8cdf049
  specs:
    rspec-core (3.9.0.pre)
      rspec-support (= 3.9.0.pre)

GIT
  remote: https://github.com/rspec/rspec-expectations
  revision: 03af89d886a6ee27b862082913da0db6226956c5
  specs:
    rspec-expectations (3.9.0.pre)
      diff-lcs (>= 1.2.0, < 2.0)
      rspec-support (= 3.9.0.pre)

GIT
  remote: https://github.com/rspec/rspec-mocks
  revision: 4f6f4131fd24d1a89ba389216e213dd4c95f4646
  specs:
    rspec-mocks (3.9.0.pre)
      diff-lcs (>= 1.2.0, < 2.0)
      rspec-support (= 3.9.0.pre)

GIT
  remote: https://github.com/rspec/rspec-rails
  revision: d3f8915dc80a5e98e4b34e264f4a08a487b0293d
  branch: 4-0-dev
  specs:
    rspec-rails (4.0.0.pre)
      actionpack (>= 4.2)
      activesupport (>= 4.2)
      railties (>= 4.2)
      rspec-core (= 3.9.0.pre)
      rspec-expectations (= 3.9.0.pre)
      rspec-mocks (= 3.9.0.pre)
      rspec-support (= 3.9.0.pre)

GIT
  remote: https://github.com/rspec/rspec-support
  revision: 3a6ec66d32683e99c449a7b2f7f73e2edd7b6036
  specs:
    rspec-support (3.9.0.pre)

GEM
  remote: https://rubygems.org/
  specs:
    addressable (2.6.0)
      public_suffix (>= 2.0.2, < 4.0)
    ast (2.4.0)
    bcrypt (3.1.12)
    bindex (0.5.0)
    builder (3.2.3)
    byebug (11.0.1)
    capybara (3.16.0)
      addressable
      mini_mime (>= 0.1.3)
      nokogiri (~> 1.8)
      rack (>= 1.6.0)
      rack-test (>= 0.6.3)
      regexp_parser (~> 1.2)
      xpath (~> 3.2)
    childprocess (0.9.0)
      ffi (~> 1.0, >= 1.0.11)
    coffee-script (2.4.1)
      coffee-script-source
      execjs
    coffee-script-source (1.12.2)
    concurrent-ruby (1.1.5)
    crack (0.4.3)
      safe_yaml (~> 1.0.0)
    crass (1.0.4)
    devise (4.6.2)
      bcrypt (~> 3.0)
      orm_adapter (~> 0.1)
      railties (>= 4.1.0, < 6.0)
      responders
      warden (~> 1.2.3)
    diff-lcs (1.3)
    erubi (1.8.0)
    execjs (2.7.0)
    factory_bot (5.0.2)
      activesupport (>= 4.2.0)
    factory_bot_rails (5.0.1)
      factory_bot (~> 5.0.0)
      railties (>= 4.2.0)
    ffi (1.10.0)
    globalid (0.4.2)
      activesupport (>= 4.2.0)
    hashdiff (0.3.8)
    i18n (1.6.0)
      concurrent-ruby (~> 1.0)
    iniparse (1.4.4)
    jaro_winkler (1.5.2)
    jquery-rails (4.3.3)
      rails-dom-testing (>= 1, < 3)
      railties (>= 4.2.0)
      thor (>= 0.14, < 2.0)
    loofah (2.2.3)
      crass (~> 1.0.2)
      nokogiri (>= 1.5.9)
    mail (2.7.1)
      mini_mime (>= 0.1.1)
    marcel (0.3.3)
      mimemagic (~> 0.3.2)
    method_source (0.9.2)
    mimemagic (0.3.3)
    mini_mime (1.0.1)
    mini_portile2 (2.4.0)
    minitest (5.11.3)
    multi_json (1.13.1)
    nio4r (2.3.1)
    nokogiri (1.10.2)
      mini_portile2 (~> 2.4.0)
    orm_adapter (0.5.0)
    overcommit (0.47.0)
      childprocess (~> 0.6, >= 0.6.3)
      iniparse (~> 1.4)
    parallel (1.16.2)
    parser (2.6.2.0)
      ast (~> 2.4.0)
    psych (3.1.0)
    public_suffix (3.0.3)
    rack (2.0.6)
    rack-test (1.1.0)
      rack (>= 1.0, < 3)
    rails-controller-testing (1.0.4)
      actionpack (>= 5.0.1.x)
      actionview (>= 5.0.1.x)
      activesupport (>= 5.0.1.x)
    rails-dom-testing (2.0.3)
      activesupport (>= 4.2.0)
      nokogiri (>= 1.6)
    rails-html-sanitizer (1.0.4)
      loofah (~> 2.2, >= 2.2.2)
    rainbow (3.0.0)
    rake (12.3.2)
    rb-fsevent (0.10.3)
    rb-inotify (0.10.0)
      ffi (~> 1.0)
    rdoc (6.1.1)
    regexp_parser (1.3.0)
    responders (2.4.1)
      actionpack (>= 4.2.0, < 6.0)
      railties (>= 4.2.0, < 6.0)
    rubocop (0.66.0)
      jaro_winkler (~> 1.5.1)
      parallel (~> 1.10)
      parser (>= 2.5, != 2.5.1.1)
      psych (>= 3.1.0)
      rainbow (>= 2.2.2, < 4.0)
      ruby-progressbar (~> 1.7)
      unicode-display_width (>= 1.4.0, < 1.6)
    rubocop-rspec (1.32.0)
      rubocop (>= 0.60.0)
    ruby-progressbar (1.10.0)
    safe_yaml (1.0.5)
    sass (3.7.3)
      sass-listen (~> 4.0.0)
    sass-listen (4.0.0)
      rb-fsevent (~> 0.9, >= 0.9.4)
      rb-inotify (~> 0.9, >= 0.9.7)
    sass-rails (5.0.7)
      railties (>= 4.0.0, < 6)
      sass (~> 3.1)
      sprockets (>= 2.8, < 4.0)
      sprockets-rails (>= 2.0, < 4.0)
      tilt (>= 1.1, < 3)
    sdoc (1.0.0)
      rdoc (>= 5.0)
    spring (2.0.2)
      activesupport (>= 4.2)
    spring-commands-rspec (1.0.4)
      spring (>= 0.9.1)
    sprockets (3.7.2)
      concurrent-ruby (~> 1.0)
      rack (> 1, < 3)
    sprockets-rails (3.2.1)
      actionpack (>= 4.0)
      activesupport (>= 4.0)
      sprockets (>= 3.0.0)
    sqlite3 (1.4.0)
    thor (0.20.3)
    thread_safe (0.3.6)
    tilt (2.0.9)
    turbolinks (5.2.0)
      turbolinks-source (~> 5.2)
    turbolinks-source (5.2.0)
    tzinfo (1.2.5)
      thread_safe (~> 0.1)
    uglifier (4.1.20)
      execjs (>= 0.3.0, < 3)
    unicode-display_width (1.5.0)
    vcr (4.0.0)
    warden (1.2.8)
      rack (>= 2.0.6)
    web-console (3.7.0)
      actionview (>= 5.0)
      activemodel (>= 5.0)
      bindex (>= 0.4.0)
      railties (>= 5.0)
    webmock (3.5.1)
      addressable (>= 2.3.6)
      crack (>= 0.3.2)
      hashdiff
    websocket-driver (0.7.0)
      websocket-extensions (>= 0.1.0)
    websocket-extensions (0.1.3)
    xpath (3.2.0)
      nokogiri (~> 1.8)
    zeitwerk (1.4.3)

PLATFORMS
  ruby

DEPENDENCIES
  byebug
  capybara
  coffee-rails!
  devise
  factory_bot_rails
  jbuilder!
  jquery-rails
  overcommit
  rails!
  rails-controller-testing
  rspec-core!
  rspec-expectations!
  rspec-mocks!
  rspec-rails!
  rspec-support!
  rubocop-rspec
  sass-rails
  sdoc
  spring
  spring-commands-rspec
  sqlite3
  turbolinks
  uglifier
  vcr
  warden
  web-console
  webmock

BUNDLED WITH
   1.17.2
